GEM
  remote: https://rubygems.org/
  specs:
    gosu (0.12.1)

PLATFORMS
  ruby

DEPENDENCIES
  gosu (~> 0.12.1)

RUBY VERSION
   ruby 2.4.1p111

BUNDLED WITH
   1.15.3
